GEM
  remote: https://rubygems.org/
  specs:
    holidays (8.5.0)

PLATFORMS
  arm64-darwin-21

DEPENDENCIES
  holidays
  tzinfo-data

BUNDLED WITH
   2.2.22
